PATH
  remote: .
  specs:
    scantron (0.0.1)

GEM
  remote: http://rubygems.org/
  specs:
    rdoctest (0.0.1)

PLATFORMS
  ruby

DEPENDENCIES
  rdoctest
  scantron!

METADATA
  version: 1.0.6
